GEM
  remote: https://rubygems.org/
  specs:
    ast (2.3.0)
    byebug (9.0.5)
    coderay (1.1.1)
    htmlbeautifier (1.2.0)
    method_source (0.8.2)
    parser (2.3.1.2)
      ast (~> 2.2)
    powerpack (0.1.1)
    pry (0.10.4)
      coderay (~> 1.1.0)
      method_source (~> 0.8.1)
      slop (~> 3.4)
    pry-byebug (3.4.0)
      byebug (~> 9.0)
      pry (~> 0.10)
    rainbow (2.1.0)
    rubocop (0.42.0)
      parser (>= 2.3.1.1, < 3.0)
      powerpack (~> 0.1)
      rainbow (>= 1.99.1, < 3.0)
      ruby-progressbar (~> 1.7)
      unicode-display_width (~> 1.0, >= 1.0.1)
    ruby-progressbar (1.8.1)
    slop (3.6.0)
    unicode-display_width (1.1.0)

PLATFORMS
  ruby

DEPENDENCIES
  htmlbeautifier
  pry-byebug
  rubocop

BUNDLED WITH
   1.12.5
