GEM
  remote: https://rubygems.org/
  specs:
    htmlbeautifier (1.2.0)

PLATFORMS
  ruby

DEPENDENCIES
  htmlbeautifier

BUNDLED WITH
   1.12.5
